PATH
  remote: .
  specs:
    cvtcli (0.0.1.alpha)
      rest-client

GEM
  remote: https://rubygems.org/
  specs:
    diff-lcs (1.2.4)
    fakeweb (1.3.0)
    mime-types (1.23)
    rest-client (1.6.7)
      mime-types (>= 1.16)
    rspec (2.14.1)
      rspec-core (~> 2.14.0)
      rspec-expectations (~> 2.14.0)
      rspec-mocks (~> 2.14.0)
    rspec-core (2.14.4)
    rspec-expectations (2.14.0)
      diff-lcs (>= 1.1.3, < 2.0)
    rspec-mocks (2.14.2)

PLATFORMS
  ruby

DEPENDENCIES
  cvtcli!
  fakeweb
  rspec
